PATH
  remote: .
  specs:
    whm_xml (0.3.3)
      activesupport (>= 2.3.2)
      curb (>= 0.3.2)
      i18n (>= 0.6, < 1.11)
      validatable (>= 1.6.7)
      xml-simple (>= 1.0.12)

GEM
  remote: http://rubygems.org/
  specs:
    activesupport (7.0.3)
      concurrent-ruby (~> 1.0, >= 1.0.2)
      i18n (>= 1.6, < 2)
      minitest (>= 5.1)
      tzinfo (~> 2.0)
    concurrent-ruby (1.1.10)
    curb (1.0.1)
    diff-lcs (1.1.2)
    i18n (1.10.0)
      concurrent-ruby (~> 1.0)
    minitest (5.16.0)
    mocha (0.9.12)
    rake (0.9.2.2)
    rdoc (3.6.1)
    rexml (3.2.5)
    rspec (2.6.0)
      rspec-core (~> 2.6.0)
      rspec-expectations (~> 2.6.0)
      rspec-mocks (~> 2.6.0)
    rspec-core (2.6.4)
    rspec-expectations (2.6.0)
      diff-lcs (~> 1.1.2)
    rspec-mocks (2.6.0)
    tzinfo (2.0.4)
      concurrent-ruby (~> 1.0)
    validatable (1.6.7)
    xml-simple (1.1.9)
      rexml

PLATFORMS
  ruby

DEPENDENCIES
  mocha (~> 0.9.12)
  rake (~> 0.9.2)
  rdoc
  rspec (~> 2.6.0)
  whm_xml!
